GEM
  remote: https://rubygems.org/
  specs:
    activemodel (4.1.0)
      activesupport (= 4.1.0)
      builder (~> 3.1)
    activerecord (4.1.0)
      activemodel (= 4.1.0)
      activesupport (= 4.1.0)
      arel (~> 5.0.0)
    activesupport (4.1.0)
      i18n (~> 0.6, >= 0.6.9)
      json (~> 1.7, >= 1.7.7)
      minitest (~> 5.1)
      thread_safe (~> 0.1)
      tzinfo (~> 1.1)
    arel (5.0.1.20140414130214)
    awesome_print (1.2.0)
    builder (3.2.2)
    chronic (0.10.2)
    fast-stemmer (1.0.2)
    google_scraper (0.0.1)
      methadone (~> 1.2.2)
      nokogiri
    i18n (0.6.9)
    json (1.8.1)
    methadone (1.2.6)
      bundler
    mini_portile (0.5.3)
    minitest (5.3.3)
    mysql (2.9.1)
    nokogiri (1.6.1)
      mini_portile (~> 0.5.0)
    pismo (0.7.4)
      awesome_print
      chronic
      fast-stemmer
      nokogiri
      sanitize
    rack (1.5.2)
    sanitize (2.1.0)
      nokogiri (>= 1.4.4)
    sinatra (1.1.0)
      rack (~> 1.1)
      tilt (~> 1.1)
    sinatra-activerecord (2.0.1)
      activerecord (>= 3.2)
      sinatra (~> 1.0)
    thread_safe (0.3.3)
    tilt (1.4.1)
    tzinfo (1.1.0)
      thread_safe (~> 0.1)

PLATFORMS
  ruby

DEPENDENCIES
  activerecord
  google_scraper
  mysql
  pismo
  sinatra
  sinatra-activerecord
